PATH
  remote: .
  specs:
    simple_bayes (0.1.0)
      ruby-stemmer (>= 0.9.1)

GEM
  remote: http://rubygems.org/
  specs:
    diff-lcs (1.1.2)
    growl (1.0.3)
    guard (0.3.4)
      thor (~> 0.14.6)
    guard-rspec (0.3.1)
      guard (>= 0.2.2)
    rspec (2.6.0)
      rspec-core (~> 2.6.0)
      rspec-expectations (~> 2.6.0)
      rspec-mocks (~> 2.6.0)
    rspec-core (2.6.3)
    rspec-expectations (2.6.0)
      diff-lcs (~> 1.1.2)
    rspec-mocks (2.6.0)
    ruby-stemmer (0.9.1)
    simplecov (0.4.2)
      simplecov-html (~> 0.4.4)
    simplecov-html (0.4.5)
    thor (0.14.6)

PLATFORMS
  ruby

DEPENDENCIES
  growl (~> 1.0.3)
  guard (~> 0.3.4)
  guard-rspec (~> 0.3.1)
  rspec (~> 2.6.0)
  simple_bayes!
  simplecov (~> 0.4.2)
