PATH
  remote: .
  specs:
    simple_bayes (0.1.0)
      ruby-stemmer (>= 0.9.1)

GEM
  remote: http://rubygems.org/
  specs:
    ruby-stemmer (0.9.1)

PLATFORMS
  ruby

DEPENDENCIES
  simple_bayes!
